GEM
  remote: https://rubygems.org/
  specs:
    bcrypt (3.1.11)
    byebug (8.2.5)
    concurrent-ruby (1.0.1)
    diff-lcs (1.2.5)
    dry-configurable (0.1.4)
      concurrent-ruby (~> 1.0)
    dry-container (0.3.1)
      concurrent-ruby (~> 1.0)
      dry-configurable (~> 0.1, >= 0.1.3)
    dry-equalizer (0.2.0)
    dry-logic (0.2.2)
      dry-container (~> 0.2, >= 0.2.6)
      dry-equalizer (~> 0.2)
    dry-types (0.7.1)
      concurrent-ruby (~> 1.0)
      dry-configurable (~> 0.1)
      dry-container (~> 0.3)
      dry-equalizer (~> 0.2)
      dry-logic (~> 0.2, >= 0.2.0)
      inflecto (~> 0.0.0, >= 0.0.2)
      kleisli (~> 0.2)
    dry-validation (0.7.4)
      concurrent-ruby (~> 1.0)
      dry-configurable (~> 0.1, >= 0.1.3)
      dry-container (~> 0.2, >= 0.2.8)
      dry-equalizer (~> 0.2)
      dry-logic (~> 0.2, >= 0.2.2)
      dry-types (~> 0.6, >= 0.6.0)
    ffi (1.9.10)
    git-version-bump (0.15.1)
    i18n (0.7.0)
    inflecto (0.0.2)
    kleisli (0.2.7)
    listen (3.1.1)
      rb-fsevent (>= 0.9.3)
      rb-inotify (>= 0.9.7)
    pg (0.18.4)
    puma (3.4.0)
    rack (1.6.4)
    rack-contrib (1.4.0)
      git-version-bump (~> 0.15)
      rack (~> 1.4)
    rack-protection (1.5.3)
      rack
    rb-fsevent (0.9.7)
    rb-inotify (0.9.7)
      ffi (>= 0.5.0)
    rerun (0.11.0)
      listen (~> 3.0)
    rspec (3.4.0)
      rspec-core (~> 3.4.0)
      rspec-expectations (~> 3.4.0)
      rspec-mocks (~> 3.4.0)
    rspec-core (3.4.4)
      rspec-support (~> 3.4.0)
    rspec-expectations (3.4.0)
      diff-lcs (>= 1.2.0, < 2.0)
      rspec-support (~> 3.4.0)
    rspec-mocks (3.4.1)
      diff-lcs (>= 1.2.0, < 2.0)
      rspec-support (~> 3.4.0)
    rspec-support (3.4.1)
    sequel (4.33.0)
    sequel_pg (1.6.16)
      pg (>= 0.8.0)
      sequel (>= 4.0.0)
    sinatra (1.4.7)
      rack (~> 1.5)
      rack-protection (~> 1.4)
      tilt (>= 1.3, < 3)
    tilt (2.0.2)

PLATFORMS
  ruby

DEPENDENCIES
  bcrypt
  byebug
  dry-validation
  i18n
  puma
  rack-contrib
  rerun
  rspec
  sequel
  sequel_pg
  sinatra

BUNDLED WITH
   1.11.2
